GEM
  remote: http://rubygems.org/
  specs:
    addressable (2.2.6)
    coffee-script (2.2.0)
      coffee-script-source
      execjs
    coffee-script-source (1.2.0)
    em-websocket (0.3.6)
      addressable (>= 2.1.1)
      eventmachine (>= 0.12.9)
    eventmachine (0.12.10)
    execjs (1.2.13)
      multi_json (~> 1.0)
    ffi (1.0.11)
    guard (0.10.0)
      ffi (>= 0.5.0)
      thor (~> 0.14.6)
    guard-coffeescript (0.5.4)
      coffee-script (>= 2.2.0)
      guard (>= 0.8.3)
    guard-haml (0.3.1)
      guard (>= 0.4)
      haml (>= 3.0)
    guard-sass (0.5.4)
      guard (>= 0.4.0)
      sass (>= 3.1)
    haml (3.1.4)
    multi_json (1.0.4)
    pusher (0.8.5)
      multi_json (~> 1.0)
      ruby-hmac (~> 0.4.0)
      signature (~> 0.1.2)
    rack (1.4.0)
    rack-protection (1.2.0)
      rack
    ruby-hmac (0.4.0)
    sass (3.1.12)
    signature (0.1.2)
      ruby-hmac
    sinatra (1.3.2)
      rack (~> 1.3, >= 1.3.6)
      rack-protection (~> 1.2)
      tilt (~> 1.3, >= 1.3.3)
    thor (0.14.6)
    tilt (1.3.3)

PLATFORMS
  ruby

DEPENDENCIES
  em-websocket
  guard
  guard-coffeescript
  guard-haml
  guard-sass
  haml
  pusher
  sass
  sinatra
